GEM
  remote: https://rubygems.org/
  specs:
    coderay (1.1.2)
    dotenv (2.5.0)
    httparty (0.16.3)
      mime-types (~> 3.0)
      multi_xml (>= 0.5.2)
    method_source (0.9.2)
    mime-types (3.2.2)
      mime-types-data (~> 3.2015)
    mime-types-data (3.2018.0812)
    multi_xml (0.6.0)
    pry (0.12.2)
      coderay (~> 1.1.0)
      method_source (~> 0.9.0)

PLATFORMS
  ruby

DEPENDENCIES
  dotenv (~> 2.5)
  httparty (~> 0.16.3)
  pry (~> 0.12.2)

BUNDLED WITH
   1.17.1
